GIT
  remote: https://github.com/RedHatInsights/clowder-common-ruby
  revision: 4dc3d4ef88ce9b328885c84dcdee8e9a25cd0fe7
  specs:
    clowder-common-ruby (0.2.5)

GIT
  remote: https://github.com/RedHatInsights/receptor_controller-client-ruby
  revision: c05e681e6d529f931e3415d0383fbdaf8b2c76a3
  specs:
    receptor_controller-client (0.0.10)
      activesupport (~> 5.2, >= 5.2.4.3)
      concurrent-ruby (~> 1.1, >= 1.1.6)
      faraday (~> 1.0)
      json (~> 2.3, >= 2.3.0)
      manageiq-loggers (~> 0.5)
      manageiq-messaging (~> 1.0.0)

GEM
  remote: https://rubygems.org/
  specs:
    activesupport (5.2.8.1)
      concurrent-ruby (~> 1.0, >= 1.0.2)
      i18n (>= 0.7, < 2)
      minitest (~> 5.1)
      tzinfo (~> 1.1)
    addressable (2.8.0)
      public_suffix (>= 2.0.2, < 5.0)
    ast (2.4.2)
    aws-eventstream (1.2.0)
    aws-partitions (1.613.0)
    aws-sdk-cloudwatchlogs (1.53.0)
      aws-sdk-core (~> 3, >= 3.127.0)
      aws-sigv4 (~> 1.1)
    aws-sdk-core (3.131.5)
      aws-eventstream (~> 1, >= 1.0.2)
      aws-partitions (~> 1, >= 1.525.0)
      aws-sigv4 (~> 1.1)
      jmespath (~> 1, >= 1.6.1)
    aws-sigv4 (1.5.1)
      aws-eventstream (~> 1, >= 1.0.2)
    cloudwatchlogger (0.2.1)
      aws-sdk-cloudwatchlogs (~> 1)
      multi_json (~> 1)
      uuid (~> 2)
    concurrent-ruby (1.1.10)
    config (1.7.2)
      activesupport (>= 3.0)
      deep_merge (~> 1.2, >= 1.2.1)
      dry-validation (~> 0.12, >= 0.12.2, < 1.0.0)
    crack (0.4.5)
      rexml
    deep_merge (1.2.2)
    diff-lcs (1.5.0)
    docile (1.4.0)
    domain_name (0.5.20190701)
      unf (>= 0.0.5, < 1.0.0)
    dry-configurable (0.13.0)
      concurrent-ruby (~> 1.0)
      dry-core (~> 0.6)
    dry-container (0.9.0)
      concurrent-ruby (~> 1.0)
      dry-configurable (~> 0.13, >= 0.13.0)
    dry-core (0.7.1)
      concurrent-ruby (~> 1.0)
    dry-equalizer (0.3.0)
    dry-inflector (0.2.1)
    dry-logic (0.6.1)
      concurrent-ruby (~> 1.0)
      dry-core (~> 0.2)
      dry-equalizer (~> 0.2)
    dry-types (0.14.1)
      concurrent-ruby (~> 1.0)
      dry-container (~> 0.3)
      dry-core (~> 0.4, >= 0.4.4)
      dry-equalizer (~> 0.2)
      dry-inflector (~> 0.1, >= 0.1.2)
      dry-logic (~> 0.5, >= 0.5)
    dry-validation (0.13.3)
      concurrent-ruby (~> 1.0)
      dry-configurable (~> 0.1, >= 0.1.3)
      dry-core (~> 0.2, >= 0.2.1)
      dry-equalizer (~> 0.2)
      dry-logic (~> 0.5, >= 0.5.0)
      dry-types (~> 0.14.0)
    ethon (0.15.0)
      ffi (>= 1.15.0)
    faraday (1.10.0)
      faraday-em_http (~> 1.0)
      faraday-em_synchrony (~> 1.0)
      faraday-excon (~> 1.1)
      faraday-httpclient (~> 1.0)
      faraday-multipart (~> 1.0)
      faraday-net_http (~> 1.0)
      faraday-net_http_persistent (~> 1.0)
      faraday-patron (~> 1.0)
      faraday-rack (~> 1.0)
      faraday-retry (~> 1.0)
      ruby2_keywords (>= 0.0.4)
    faraday-em_http (1.0.0)
    faraday-em_synchrony (1.0.0)
    faraday-excon (1.1.0)
    faraday-httpclient (1.0.1)
    faraday-multipart (1.0.4)
      multipart-post (~> 2)
    faraday-net_http (1.0.1)
    faraday-net_http_persistent (1.2.0)
    faraday-patron (1.0.0)
    faraday-rack (1.0.0)
    faraday-retry (1.0.3)
    ffi (1.15.5)
    hashdiff (1.0.1)
    http-accept (1.7.0)
    http-cookie (1.0.5)
      domain_name (~> 0.5)
    i18n (1.12.0)
      concurrent-ruby (~> 1.0)
    insights-loggers-ruby (0.1.12)
      activesupport (~> 5.2, >= 5.2.4.3)
      cloudwatchlogger (~> 0.2.1)
      manageiq-loggers (~> 0.4, >= 0.4.2)
    jmespath (1.6.1)
    json (2.6.2)
    macaddr (1.7.2)
      systemu (~> 2.6.5)
    manageiq-loggers (0.5.0)
      activesupport (>= 5.0)
      manageiq-password (~> 0.1)
    manageiq-messaging (1.0.3)
      activesupport (>= 5.2.4.3, < 6.1)
      rdkafka (~> 0.8)
      stomp (~> 1.4.4)
    manageiq-password (0.3.0)
    mime-types (3.4.1)
      mime-types-data (~> 3.2015)
    mime-types-data (3.2022.0105)
    mini_portile2 (2.8.0)
    minitest (5.16.2)
    more_core_extensions (4.4.0)
      activesupport
      sync
    multi_json (1.15.0)
    multipart-post (2.2.3)
    netrc (0.11.0)
    optimist (3.0.1)
    parallel (1.22.1)
    parser (3.1.2.0)
      ast (~> 2.4.1)
    prometheus_exporter (0.4.17)
    public_suffix (4.0.7)
    rack (2.2.4)
    rainbow (3.1.1)
    rake (13.0.6)
    rdkafka (0.8.1)
      ffi (~> 1.9)
      mini_portile2 (~> 2.1)
      rake (>= 12.3)
    regexp_parser (2.5.0)
    rest-client (2.1.0)
      http-accept (>= 1.7.0, < 2.0)
      http-cookie (>= 1.0.2, < 2.0)
      mime-types (>= 1.16, < 4.0)
      netrc (~> 0.8)
    rexml (3.2.5)
    rspec (3.11.0)
      rspec-core (~> 3.11.0)
      rspec-expectations (~> 3.11.0)
      rspec-mocks (~> 3.11.0)
    rspec-core (3.11.0)
      rspec-support (~> 3.11.0)
    rspec-expectations (3.11.0)
      diff-lcs (>= 1.2.0, < 2.0)
      rspec-support (~> 3.11.0)
    rspec-mocks (3.11.1)
      diff-lcs (>= 1.2.0, < 2.0)
      rspec-support (~> 3.11.0)
    rspec-support (3.11.0)
    rubocop (1.0.0)
      parallel (~> 1.10)
      parser (>= 2.7.1.5)
      rainbow (>= 2.2.2, < 4.0)
      regexp_parser (>= 1.8)
      rexml
      rubocop-ast (>= 0.6.0)
      ruby-progressbar (~> 1.7)
      unicode-display_width (>= 1.4.0, < 2.0)
    rubocop-ast (1.19.1)
      parser (>= 3.1.1.0)
    rubocop-performance (1.10.2)
      rubocop (>= 0.90.0, < 2.0)
      rubocop-ast (>= 0.4.0)
    rubocop-rails (2.9.1)
      activesupport (>= 4.2.0)
      rack (>= 1.1)
      rubocop (>= 0.90.0, < 2.0)
    ruby-progressbar (1.11.0)
    ruby2_keywords (0.0.5)
    simplecov (0.17.1)
      docile (~> 1.1)
      json (>= 1.8, < 3)
      simplecov-html (~> 0.10.0)
    simplecov-html (0.10.2)
    sources-api-client (3.0.0)
      json (~> 2.1, >= 2.1.0)
      typhoeus (~> 1.0, >= 1.0.1)
    stomp (1.4.10)
    sync (0.5.0)
    systemu (2.6.5)
    thread_safe (0.3.6)
    topological_inventory-api-client (3.0.1)
      json (~> 2.1, >= 2.1.0)
      typhoeus (~> 1.0, >= 1.0.1)
    topological_inventory-ingress_api-client (1.0.4)
      json (~> 2.1, >= 2.1.0)
      typhoeus (~> 1.0, >= 1.0.1)
    topological_inventory-providers-common (3.0.2)
      activesupport (~> 5.2, >= 5.2.4.3)
      clowder-common-ruby (~> 0.2.1)
      config (~> 1.7, >= 1.7.2)
      json (~> 2.3)
      manageiq-loggers (>= 0.4.2)
      manageiq-messaging (~> 1.0.0)
      more_core_extensions
      prometheus_exporter (~> 0.4.17)
      sources-api-client (~> 3.0)
      topological_inventory-api-client (~> 3.0, >= 3.0.1)
      topological_inventory-ingress_api-client (~> 1.0, >= 1.0.3)
    typhoeus (1.4.0)
      ethon (>= 0.9.0)
    tzinfo (1.2.10)
      thread_safe (~> 0.1)
    unf (0.1.4)
      unf_ext
    unf_ext (0.0.8.2)
    unicode-display_width (1.8.0)
    uuid (2.3.9)
      macaddr (~> 1.0)
    webmock (3.14.0)
      addressable (>= 2.8.0)
      crack (>= 0.3.2)
      hashdiff (>= 0.4.0, < 2.0.0)

PLATFORMS
  x86_64-linux

DEPENDENCIES
  activesupport (~> 5.2.5)
  bundler (~> 2.0)
  clowder-common-ruby!
  concurrent-ruby
  faraday (~> 1.0)
  insights-loggers-ruby (~> 0.1.12)
  manageiq-loggers (~> 0.5.0)
  manageiq-messaging (~> 1.0.0)
  more_core_extensions
  optimist
  prometheus_exporter (~> 0.4.5)
  rake (>= 12.3.3)
  rdkafka (~> 0.8.1)
  receptor_controller-client!
  rest-client (~> 2.0)
  rspec
  rubocop (~> 1.0.0)
  rubocop-performance (~> 1.8)
  rubocop-rails (~> 2.8)
  simplecov (~> 0.17.1)
  sources-api-client (~> 3.0)
  topological_inventory-providers-common (~> 3.0.2)
  webmock

BUNDLED WITH
   2.3.4
